GEM
  remote: https://rubygems.org/
  specs:
    ffi (1.9.3)
    hoe (3.6.0)
      rake (>= 0.8, < 11.0)
    hoe-gemspec (1.0.0)
      hoe (>= 2.2.0)
    hoe-git (1.5.0)
      hoe (>= 2.2.0)
    metaclass (0.0.1)
    minitest (5.0.8)
    mocha (0.13.3)
      metaclass (~> 0.0.1)
    rake (10.0.4)
    rubyserial (0.0.1)
      ffi (~> 1.9.3)

PLATFORMS
  ruby

DEPENDENCIES
  hoe
  hoe-gemspec
  hoe-git
  minitest
  mocha
  rubyserial
